GIT
  remote: https://github.com/wjr1985/teaas.git
  revision: 05803166468b0d4c95c73d58f54c3352903f76a4
  ref: 05803166468b0d4c95c73d58f54c3352903f76a4
  specs:
    teaas (1.0.0)
      rmagick (~> 2.15)

GEM
  remote: https://rubygems.org/
  specs:
    aws-eventstream (1.2.0)
    aws-partitions (1.573.0)
    aws-sdk-core (3.130.0)
      aws-eventstream (~> 1, >= 1.0.2)
      aws-partitions (~> 1, >= 1.525.0)
      aws-sigv4 (~> 1.1)
      jmespath (~> 1.0)
    aws-sdk-kms (1.55.0)
      aws-sdk-core (~> 3, >= 3.127.0)
      aws-sigv4 (~> 1.1)
    aws-sdk-lambda (1.82.0)
      aws-sdk-core (~> 3, >= 3.127.0)
      aws-sigv4 (~> 1.1)
    aws-sdk-s3 (1.113.0)
      aws-sdk-core (~> 3, >= 3.127.0)
      aws-sdk-kms (~> 1)
      aws-sigv4 (~> 1.4)
    aws-sigv4 (1.4.0)
      aws-eventstream (~> 1, >= 1.0.2)
    dotenv (2.1.1)
    jmespath (1.6.1)
    mini_portile2 (2.7.1)
    multipart-post (2.0.0)
    mustermann (1.0.3)
    nio4r (2.5.8)
    nokogiri (1.13.1)
      mini_portile2 (~> 2.7.0)
      racc (~> 1.4)
    puma (5.6.4)
      nio4r (~> 2.0)
    racc (1.6.0)
    rack (2.2.6.4)
    rack-protection (2.0.4)
      rack
    rmagick (2.15.4)
    sinatra (2.0.4)
      mustermann (~> 1.0)
      rack (~> 2.0)
      rack-protection (= 2.0.4)
      tilt (~> 2.0)
    tilt (2.0.9)

PLATFORMS
  ruby

DEPENDENCIES
  aws-sdk-lambda (~> 1)
  aws-sdk-s3 (~> 1)
  dotenv
  multipart-post
  nokogiri
  puma (~> 5.6.4)
  rmagick
  sinatra
  teaas!

RUBY VERSION
   ruby 2.7.5p203

BUNDLED WITH
   2.3.10
