GIT
  remote: https://github.com/wjr1985/teaas.git
  revision: 1a0cca76c38c1e3cfe818f77896cf9a00c4d2ed3
  ref: 1a0cca76c38c1e3cfe818f77896cf9a00c4d2ed3
  specs:
    teaas (1.0.0)
      rmagick (~> 2.15)

GEM
  remote: https://rubygems.org/
  specs:
    aws-sdk (2.2.34)
      aws-sdk-resources (= 2.2.34)
    aws-sdk-core (2.2.34)
      jmespath (~> 1.0)
    aws-sdk-resources (2.2.34)
      aws-sdk-core (= 2.2.34)
    dotenv (2.1.1)
    jmespath (1.2.4)
      json_pure (>= 1.8.1)
    json_pure (1.8.3)
    multipart-post (2.0.0)
    mustermann (1.0.3)
    nio4r (2.5.2)
    puma (4.3.12)
      nio4r (~> 2.0)
    rack (2.0.6)
    rack-protection (2.0.4)
      rack
    rmagick (2.15.4)
    sinatra (2.0.4)
      mustermann (~> 1.0)
      rack (~> 2.0)
      rack-protection (= 2.0.4)
      tilt (~> 2.0)
    tilt (2.0.9)

PLATFORMS
  ruby

DEPENDENCIES
  aws-sdk (~> 2)
  dotenv
  multipart-post
  puma
  rmagick
  sinatra
  teaas!

RUBY VERSION
   ruby 2.3.1p112

BUNDLED WITH
   1.16.6
